GEM
  remote: https://rubygems.org/
  specs:
    RedCloth (4.2.9)
    chunky_png (1.2.5)
    classifier (1.3.3)
      fast-stemmer (>= 1.0.0)
    colorator (0.1)
    commander (4.1.4)
      highline (~> 1.6.11)
    compass (0.12.2)
      chunky_png (~> 1.2)
      fssm (>= 0.2.7)
      sass (~> 3.1)
    directory_watcher (1.4.1)
    fast-stemmer (1.0.2)
    fssm (0.2.9)
    haml (3.1.7)
    highline (1.6.19)
    jekyll (1.0.4)
      classifier (~> 1.3)
      colorator (~> 0.1)
      commander (~> 4.1.3)
      directory_watcher (~> 1.4.1)
      kramdown (~> 1.0.2)
      liquid (~> 2.5.1)
      maruku (~> 0.5)
      pygments.rb (~> 0.5.0)
      safe_yaml (~> 0.7.0)
    kramdown (1.0.2)
    liquid (2.5.1)
    maruku (0.6.1)
      syntax (>= 1.0.0)
    posix-spawn (0.3.6)
    pygments.rb (0.5.2)
      posix-spawn (~> 0.3.6)
      yajl-ruby (~> 1.1.0)
    rack (1.5.2)
    rack-protection (1.5.0)
      rack
    rake (0.9.6)
    rb-fsevent (0.9.1)
    rdiscount (1.6.8)
    redcarpet (2.2.2)
    rubypants (0.2.0)
    safe_yaml (0.7.1)
    sass (3.2.9)
    sass-globbing (1.0.0)
      sass (>= 3.1)
    sinatra (1.4.2)
      rack (~> 1.5, >= 1.5.2)
      rack-protection (~> 1.4)
      tilt (~> 1.3, >= 1.3.4)
    stringex (1.4.0)
    syntax (1.0.0)
    tilt (1.3.7)
    yajl-ruby (1.1.0)

PLATFORMS
  ruby

DEPENDENCIES
  RedCloth (~> 4.2.9)
  compass (~> 0.12.2)
  haml (~> 3.1.7)
  jekyll (~> 1.0.3)
  kramdown (= 1.0.2)
  liquid (~> 2.5.1)
  maruku (= 0.6.1)
  pygments.rb (~> 0.5.0)
  rake (~> 0.9.6)
  rb-fsevent (~> 0.9)
  rdiscount (~> 1.6.8)
  redcarpet (= 2.2.2)
  rubypants (~> 0.2.0)
  sass (~> 3.2)
  sass-globbing (~> 1.0.0)
  sinatra (~> 1.4.2)
  stringex (~> 1.4.0)
