GEM
  remote: https://rubygems.org/
  specs:
    adsf (1.1.1)
      rack (>= 1.0.0)
    classifier (1.3.3)
      fast-stemmer (>= 1.0.0)
    colorator (0.1)
    colored (1.2)
    commander (4.1.5)
      highline (~> 1.6.11)
    cri (2.4.0)
      colored (>= 1.2)
    directory_watcher (1.4.1)
    fast-stemmer (1.0.2)
    highline (1.6.19)
    jekyll (1.2.0)
      classifier (~> 1.3)
      colorator (~> 0.1)
      commander (~> 4.1.3)
      directory_watcher (~> 1.4.1)
      liquid (~> 2.5.1)
      maruku (~> 0.5)
      pygments.rb (~> 0.5.0)
      redcarpet (~> 2.2.2)
      safe_yaml (~> 0.7.0)
    liquid (2.5.2)
    maruku (0.6.1)
      syntax (>= 1.0.0)
    nanoc (3.6.4)
      cri (~> 2.3)
    posix-spawn (0.3.6)
    pygments.rb (0.5.2)
      posix-spawn (~> 0.3.6)
      yajl-ruby (~> 1.1.0)
    rack (1.5.2)
    rake (10.0.4)
    rdiscount (2.1.6)
    redcarpet (2.2.2)
    rmagick (2.13.2)
    safe_yaml (0.7.1)
    syntax (1.0.0)
    yajl-ruby (1.1.0)

PLATFORMS
  ruby

DEPENDENCIES
  adsf
  jekyll
  nanoc
  rake
  rdiscount
  rmagick
